GEM
  remote: https://rubygems.org/
  specs:
    backports (3.11.1)
    bacon (1.2.0)
    bcrypt (3.1.11)
    json (2.1.0)
    jwt (2.1.0)
    multi_json (1.13.1)
    mustermann (1.0.2)
    mysql2 (0.4.10)
    rack (2.0.4)
    rack-protection (2.0.1)
      rack
    sequel (5.6.0)
    sequel-seed (1.0.0)
      sequel (>= 4.0)
    sinatra (2.0.1)
      mustermann (~> 1.0)
      rack (~> 2.0)
      rack-protection (= 2.0.1)
      tilt (~> 2.0)
    sinatra-contrib (2.0.1)
      backports (>= 2.0)
      multi_json
      mustermann (~> 1.0)
      rack-protection (= 2.0.1)
      sinatra (= 2.0.1)
      tilt (>= 1.3, < 3)
    sinatra-sequel (0.9.0)
      bacon
      sequel (>= 3.2.0)
      sinatra (>= 0.9.4)
    tilt (2.0.8)

PLATFORMS
  ruby

DEPENDENCIES
  bcrypt
  json
  jwt
  mysql2
  sequel
  sequel-seed
  sinatra
  sinatra-contrib
  sinatra-sequel

BUNDLED WITH
   1.15.4
